GEM
  remote: http://rubygems.org/
  specs:
    coderay (1.0.9)
    diff-lcs (1.1.3)
    method_source (0.8.1)
    pg (0.14.1)
    pry (0.9.12)
      coderay (~> 1.0.5)
      method_source (~> 0.8)
      slop (~> 3.4)
    rake (10.0.3)
    rspec (2.7.0)
      rspec-core (~> 2.7.0)
      rspec-expectations (~> 2.7.0)
      rspec-mocks (~> 2.7.0)
    rspec-core (2.7.1)
    rspec-expectations (2.7.0)
      diff-lcs (~> 1.1.2)
    rspec-mocks (2.7.0)
    sequel (3.45.0)
    slop (3.4.3)

PLATFORMS
  ruby

DEPENDENCIES
  pg (= 0.14.1)
  pry (= 0.9.12)
  rake (= 10.0.3)
  rspec (= 2.7.0)
  sequel (= 3.45.0)
